GEM
  remote: http://rubygems.org/
  specs:
    activesupport (3.0.3)
    dalli (1.0.1)
    hpricot (0.6.164)
    i18n (0.5.0)
    json (1.4.6)
    rack (1.2.1)
    sinatra (1.0)
      rack (>= 1.0)

PLATFORMS
  ruby

DEPENDENCIES
  activesupport
  dalli
  hpricot
  i18n
  json
  sinatra
