GEM
  specs:
    activesupport (3.0.3)
    hpricot (0.6.164)
    json (1.4.6)
    rack (1.2.1)
    sinatra (1.0)
      rack (>= 1.0)

PLATFORMS
  ruby

DEPENDENCIES
  activesupport
  hpricot
  json
  sinatra
